GEM
  remote: http://rubygems.org/
  specs:
    rack (2.0.3)

PLATFORMS
  ruby

DEPENDENCIES
  rack (~> 2.0.1)

BUNDLED WITH
   1.14.6
