GEM
  remote: https://rubygems.org/
  specs:
    backports (3.11.1)
    multi_json (1.13.1)
    rack (1.6.9)
    rack-protection (1.5.4)
      rack
    rack-test (0.8.3)
      rack (>= 1.0, < 3)
    sinatra (1.4.8)
      rack (~> 1.5)
      rack-protection (~> 1.4)
      tilt (>= 1.3, < 3)
    sinatra-contrib (1.4.7)
      backports (>= 2.0)
      multi_json
      rack-protection
      rack-test
      sinatra (~> 1.4.0)
      tilt (>= 1.3, < 3)
    tilt (2.0.8)

PLATFORMS
  ruby

DEPENDENCIES
  sinatra (~> 1.4)
  sinatra-contrib

BUNDLED WITH
   1.15.1
